GEM
  remote: http://rubygems.org/
  specs:
    GeoRuby (1.3.4)
    crack (0.1.8)
    git (1.2.5)
    httparty (0.7.7)
      crack (= 0.1.8)
    jeweler (1.6.0)
      bundler (~> 1.0.0)
      git (>= 1.2.5)
      rake
    rake (0.8.7)
    rcov (0.9.9)
    shoulda (2.11.3)

PLATFORMS
  ruby

DEPENDENCIES
  GeoRuby
  bundler (~> 1.0.0)
  httparty
  jeweler (~> 1.6.0)
  rcov
  shoulda
